GEM
  specs:
    nokogiri (1.5.0)
    rainbow (1.1.3)

PLATFORMS
  ruby

DEPENDENCIES
  bundler
  nokogiri
  rainbow
